GEM
  specs:
    columnize (0.3.6)
    debugger (1.2.0)
      columnize (>= 0.3.1)
      debugger-linecache (~> 1.1.1)
      debugger-ruby_core_source (~> 1.1.3)
    debugger-linecache (1.1.2)
      debugger-ruby_core_source (>= 1.1.1)
    debugger-ruby_core_source (1.1.3)
    excon (0.16.2)
    rack (1.4.1)
    rack-test (0.6.1)
      rack (>= 1.0)

PLATFORMS
  ruby

DEPENDENCIES
  debugger
  excon
  rack-test
